GEM
  remote: https://rubygems.org/
  specs:
    mini_portile2 (2.3.0)
    nokogiri (1.8.4)
      mini_portile2 (~> 2.3.0)
    slop (4.6.2)

PLATFORMS
  ruby

DEPENDENCIES
  nokogiri (~> 1.8.2)
  slop

BUNDLED WITH
   1.16.1
